GEM
  remote: https://rubygems.org/
  specs:
    actioncable (7.0.0)
      actionpack (= 7.0.0)
      activesupport (= 7.0.0)
      nio4r (~> 2.0)
      websocket-driver (>= 0.6.1)
    actionpack (7.0.0)
      actionview (= 7.0.0)
      activesupport (= 7.0.0)
      rack (~> 2.0, >= 2.2.3)
      rack-test (>= 0.6.3)
      rails-dom-testing (~> 2.0)
      rails-html-sanitizer (~> 1.0, >= 1.2.0)
    actionview (7.0.0)
      activesupport (= 7.0.0)
      builder (~> 3.1)
      erubi (~> 1.9)
      rails-dom-testing (~> 2.0)
      rails-html-sanitizer (~> 1.0, >= 1.2.0)
    active_support (7.0.0)
      concurrent-ruby (~> 1.0, >= 1.0.2)
      i18n (>= 1.6, < 2)
      minitest (~> 5.1)
      tzinfo (~> 2.0)
    bootsnap (1.18.6)
      msgpack (~> 1.4)
      msgpack (~> 1.4)
    builder (3.2.4)
    concurrent-ruby (1.2.2)
    erubi (1.11.0)
    i18n (1.14.0)
    minitest (5.19.0)
    msgpack (1.5.4)
    nio4r (2.5.8)
    rack (2.2.7)
    rack-test (2.0.2)
    rails-dom-testing (2.0.4)
    rails-html-sanitizer (1.4.3)
    sprockets (4.1.3)
    sprockets-rails (3.4.2)
      sprockets (>= 3.0.0)
      rails (>= 4.0)
    thread_safe (0.3.6)
    tzinfo (2.0.5)
    websocket-driver (0.7.5)
      websocket-extensions (>= 0.1.0)
    websocket-extensions (0.1.5)

PLATFORMS
  ruby
  x86_64-linux

DEPENDENCIES
  bootsnap
  rails (~> 7.0.0)

BUNDLED WITH
   2.3.26
